GEM
  remote: https://rubygems.org/
  specs:
    aws-sdk (2.9.1)
      aws-sdk-resources (= 2.9.1)
    aws-sdk-core (2.9.1)
      aws-sigv4 (~> 1.0)
      jmespath (~> 1.0)
    aws-sdk-resources (2.9.1)
      aws-sdk-core (= 2.9.1)
    aws-sigv4 (1.0.0)
    jmespath (1.3.1)
    multi_json (1.12.1)

PLATFORMS
  ruby

DEPENDENCIES
  aws-sdk
  multi_json

BUNDLED WITH
   1.14.6
